GEM
  remote: http://rubygems.org/
  specs:
    bson (1.4.1)
    bson_ext (1.4.1)
    mongo (1.4.1)
      bson (= 1.4.1)

PLATFORMS
  ruby

DEPENDENCIES
  bson (~> 1.4.0)
  bson_ext (~> 1.4.0)
  mongo (~> 1.4.0)
